FRAMEWORK: NET461
NUGET
  remote: https://api.nuget.org/v3/index.json
    FSharp.Compiler.Tools (4.1)
    FSharp.Core (4.1)
      System.ValueTuple (>= 4.3)
    FSharp.NET.Sdk (1.0)
      FSharp.Compiler.Tools (>= 4.1)
    System.ValueTuple (4.3)

GROUP compile
FRAMEWORK: NET461
NUGET
  remote: https://api.nuget.org/v3/index.json
    Microsoft.Build (15.1.0-preview-000545-01)
      Microsoft.Build.Framework (15.1.0-preview-000545-01)
    Microsoft.Build.Framework (15.1.0-preview-000545-01)
      System.Collections (>= 4.0.11)
      System.Diagnostics.Debug (>= 4.0.11)
      System.Globalization (>= 4.0.11)
      System.Runtime (>= 4.1)
      System.Runtime.InteropServices (>= 4.1)
      System.Threading (>= 4.0.11)
      System.Threading.Thread (>= 4.0)
    Microsoft.Build.Utilities.Core (15.1.0-preview-000545-01)
      Microsoft.Build.Framework (15.1.0-preview-000545-01)
    NuGet.Common (4.0.0-rtm-2265)
    NuGet.Configuration (4.0.0-rtm-2265)
      NuGet.Common (>= 4.0.0-rtm-2265)
    NuGet.DependencyResolver.Core (4.0.0-rtm-2265)
      NuGet.Frameworks (>= 4.0.0-rtm-2265)
      NuGet.LibraryModel (>= 4.0.0-rtm-2265)
      NuGet.Protocol.Core.v3 (>= 4.0.0-rtm-2265)
      NuGet.Repositories (>= 4.0.0-rtm-2265)
      NuGet.RuntimeModel (>= 4.0.0-rtm-2265)
    NuGet.Frameworks (4.0.0-rtm-2265)
    NuGet.LibraryModel (4.0.0-rtm-2265)
      NuGet.Frameworks (>= 4.0.0-rtm-2265)
      NuGet.Versioning (>= 4.0.0-rtm-2265)
    NuGet.Packaging (4.0.0-rtm-2265)
      NuGet.Common (>= 4.0.0-rtm-2265)
      NuGet.Packaging.Core (>= 4.0.0-rtm-2265)
    NuGet.Packaging.Core (4.0.0-rtm-2265)
      NuGet.Common (>= 4.0.0-rtm-2265)
      NuGet.Packaging.Core.Types (>= 4.0.0-rtm-2265)
    NuGet.Packaging.Core.Types (4.0.0-rtm-2265)
      NuGet.Frameworks (>= 4.0.0-rtm-2265)
      NuGet.Versioning (>= 4.0.0-rtm-2265)
    NuGet.ProjectModel (4.0.0-rtm-2265)
      Newtonsoft.Json (>= 6.0.4)
      NuGet.DependencyResolver.Core (>= 4.0.0-rtm-2265)
    NuGet.Protocol.Core.Types (4.0.0-rtm-2265)
      NuGet.Common (>= 4.0.0-rtm-2265)
      NuGet.Configuration (>= 4.0.0-rtm-2265)
      NuGet.Packaging (>= 4.0.0-rtm-2265)
    NuGet.Protocol.Core.v3 (4.0.0-rtm-2265)
      Newtonsoft.Json (>= 6.0.4)
      NuGet.Common (>= 4.0.0-rtm-2265)
      NuGet.Packaging (>= 4.0.0-rtm-2265)
      NuGet.Protocol.Core.Types (>= 4.0.0-rtm-2265)
    NuGet.Repositories (4.0.0-rtm-2265)
      NuGet.Packaging (>= 4.0.0-rtm-2265)
    NuGet.RuntimeModel (4.0.0-rtm-2265)
      Newtonsoft.Json (>= 6.0.4)
      NuGet.Frameworks (>= 4.0.0-rtm-2265)
      NuGet.Versioning (>= 4.0.0-rtm-2265)
    NuGet.Versioning (4.0.0-rtm-2265)
    System.Diagnostics.FileVersionInfo (4.3)
  remote: https://dotnet.myget.org/F/dotnet-core
    Microsoft.CodeAnalysis.Analyzers (1.1.0)
    Microsoft.CSharp (4.3.0)
    Microsoft.DotNet.PlatformAbstractions (1.1.1)
    Microsoft.Extensions.DependencyModel (1.1.1)
      Microsoft.DotNet.PlatformAbstractions (>= 1.1.1)
      Newtonsoft.Json (>= 9.0.1)
    Newtonsoft.Json (9.0.1)
    System.AppContext (4.3.0)
    System.Collections (4.3.0)
    System.Collections.Concurrent (4.3.0)
    System.Collections.Immutable (1.4.0-beta-25020-01)
    System.Console (4.3.0)
    System.Diagnostics.Debug (4.3.0)
    System.Diagnostics.StackTrace (4.3.0)
    System.Diagnostics.Tools (4.3.0)
    System.Dynamic.Runtime (4.3.0)
    System.Globalization (4.3.0)
    System.IO.Compression (4.3.0)
    System.IO.FileSystem (4.3.0)
      System.IO.FileSystem.Primitives (>= 4.3)
    System.IO.FileSystem.Primitives (4.3.0)
    System.Linq (4.3.0)
    System.Linq.Expressions (4.3.0)
    System.Reflection (4.3.0)
    System.Reflection.Metadata (1.5.0-beta-25020-01)
      System.Collections.Immutable (>= 1.4.0-beta-25020-01)
    System.Resources.ResourceManager (4.3.0)
    System.Runtime (4.3.0)
    System.Runtime.Extensions (4.3.0)
    System.Runtime.InteropServices (4.3.0)
    System.Runtime.Numerics (4.3.0)
    System.Runtime.Serialization.Primitives (4.3.0)
    System.Security.Cryptography.Algorithms (4.3.0)
      System.Security.Cryptography.Primitives (>= 4.3)
    System.Security.Cryptography.Encoding (4.3.0)
    System.Security.Cryptography.Primitives (4.3.0)
    System.Security.Cryptography.X509Certificates (4.3.0)
      System.Security.Cryptography.Algorithms (>= 4.3)
      System.Security.Cryptography.Encoding (>= 4.3)
    System.Text.Encoding (4.3.0)
    System.Text.Encoding.CodePages (4.3.0)
    System.Text.Encoding.Extensions (4.3.0)
    System.Threading (4.3.0)
    System.Threading.Tasks (4.3.0)
    System.Threading.Tasks.Parallel (4.3.0)
    System.Threading.Thread (4.3.0)
    System.ValueTuple (4.3.0)
    System.Xml.ReaderWriter (4.3.0)
    System.Xml.XDocument (4.3.0)
    System.Xml.XmlDocument (4.3.0)
    System.Xml.XPath (4.3.0)
    System.Xml.XPath.XDocument (4.3.0)
      System.Xml.XPath (>= 4.3)
  remote: https://dotnet.myget.org/F/roslyn
    Microsoft.CodeAnalysis.Common (2.1.0-rc5-61420-03)
      Microsoft.CodeAnalysis.Analyzers (>= 1.1)
      System.AppContext (>= 4.3)
      System.Collections (>= 4.3)
      System.Collections.Concurrent (>= 4.3)
      System.Collections.Immutable (>= 1.3.1)
      System.Console (>= 4.3)
      System.Diagnostics.Debug (>= 4.3)
      System.Diagnostics.FileVersionInfo (>= 4.3)
      System.Diagnostics.StackTrace (>= 4.3)
      System.Diagnostics.Tools (>= 4.3)
      System.Dynamic.Runtime (>= 4.3)
      System.Globalization (>= 4.3)
      System.IO.Compression (>= 4.3)
      System.IO.FileSystem (>= 4.3)
      System.IO.FileSystem.Primitives (>= 4.3)
      System.Linq (>= 4.3)
      System.Linq.Expressions (>= 4.3)
      System.Reflection (>= 4.3)
      System.Reflection.Metadata (>= 1.4.2)
      System.Resources.ResourceManager (>= 4.3)
      System.Runtime (>= 4.3)
      System.Runtime.Extensions (>= 4.3)
      System.Runtime.InteropServices (>= 4.3)
      System.Runtime.Numerics (>= 4.3)
      System.Security.Cryptography.Algorithms (>= 4.3)
      System.Security.Cryptography.Encoding (>= 4.3)
      System.Security.Cryptography.X509Certificates (>= 4.3)
      System.Text.Encoding (>= 4.3)
      System.Text.Encoding.CodePages (>= 4.3)
      System.Text.Encoding.Extensions (>= 4.3)
      System.Threading (>= 4.3)
      System.Threading.Tasks (>= 4.3)
      System.Threading.Tasks.Parallel (>= 4.3)
      System.Threading.Thread (>= 4.3)
      System.ValueTuple (>= 4.3)
      System.Xml.ReaderWriter (>= 4.3)
      System.Xml.XDocument (>= 4.3)
      System.Xml.XmlDocument (>= 4.3)
      System.Xml.XPath.XDocument (>= 4.3)
    Microsoft.CodeAnalysis.CSharp (2.1.0-rc5-61420-03)
      Microsoft.CodeAnalysis.Common (2.1.0-rc5-61420-03)
  remote: https://dotnet.myget.org/F/dotnet-cli
    Microsoft.DotNet.Cli.Utils (2.0.0-alpha-004627)
      Microsoft.Build (>= 15.1.0-preview-000523-01)
      Microsoft.Build.Utilities.Core (>= 15.1.0-preview-000523-01)
      Microsoft.DotNet.PlatformAbstractions (>= 1.0.1-beta-000933)
      Microsoft.Extensions.DependencyModel (>= 1.0.1-beta-000933)
      NuGet.Frameworks (>= 4.0.0-rc3-2193)
      NuGet.Packaging (>= 4.0.0-rc3-2193)
      NuGet.ProjectModel (>= 4.0.0-rc3-2193)
      NuGet.Versioning (>= 4.0.0-rc3-2193)
    Microsoft.DotNet.Compiler.Common (1.0.0-rc2-002678)
      Microsoft.CodeAnalysis.CSharp (>= 1.3.0-beta1-20160429-01)
      Microsoft.DotNet.Cli.Utils (>= 1.0.0-rc2-002678)
      Microsoft.DotNet.Files (>= 1.0.0-rc2-002678)
      Microsoft.DotNet.ProjectModel (>= 1.0.0-rc2-002678)
    Microsoft.DotNet.Files (1.0.0-rc2-002678)
      Microsoft.DotNet.Cli.Utils (>= 1.0.0-rc2-002678)
      Microsoft.DotNet.ProjectModel (>= 1.0.0-rc2-002678)
      System.Linq.Expressions (>= 4.0.11-rc2-24027)
    Microsoft.DotNet.ProjectModel (1.0.0-rc4-003930)
      Microsoft.CSharp (>= 4.0.1)
      Microsoft.DotNet.PlatformAbstractions (>= 1.0.1-beta-000933)
      Microsoft.Extensions.DependencyModel (>= 1.0.1-beta-000933)
      Newtonsoft.Json (>= 9.0.1)
      NuGet.Configuration (>= 3.6.0-rc-1984)
      NuGet.Packaging (>= 3.6.0-rc-1984)
      NuGet.ProjectModel (>= 3.6.0-rc-1984)
      NuGet.RuntimeModel (>= 3.6.0-rc-1984)
      System.Dynamic.Runtime (>= 4.0.11)
      System.Reflection.Metadata (>= 1.4.1-beta-24410-02)
      System.Runtime.Serialization.Primitives (>= 4.1.1)
      System.Security.Cryptography.Algorithms (>= 4.2)
      System.Threading.Thread (>= 4.0)
      System.Xml.XDocument (>= 4.0.11)

GROUP core
FRAMEWORK: NET461
NUGET
  remote: https://dotnet.myget.org/F/msbuild
    Microsoft.Build (15.2.0-preview-000033-01)
      Microsoft.Build.Framework (15.2.0-preview-000033-01)
      Microsoft.Win32.Primitives (>= 4.0.1)
      System.AppContext (>= 4.1)
      System.Collections (>= 4.0.11)
      System.Collections.Concurrent (>= 4.0.12)
      System.Collections.Immutable (>= 1.2)
      System.Collections.NonGeneric (>= 4.0.1)
      System.Console (>= 4.0)
      System.Diagnostics.Contracts (>= 4.0.1)
      System.Diagnostics.Debug (>= 4.0.11)
      System.Diagnostics.FileVersionInfo (>= 4.0)
      System.Diagnostics.Process (>= 4.1)
      System.Diagnostics.TraceSource (>= 4.0)
      System.Globalization (>= 4.0.11)
      System.IO (>= 4.1)
      System.IO.Compression (>= 4.1)
      System.IO.FileSystem (>= 4.0.1)
      System.IO.FileSystem.Primitives (>= 4.0.1)
      System.IO.Pipes (>= 4.0)
      System.Linq (>= 4.1)
      System.Linq.Parallel (>= 4.0.1)
      System.ObjectModel (>= 4.0.12)
      System.Reflection (>= 4.1)
      System.Reflection.Extensions (>= 4.0.1)
      System.Reflection.Metadata (>= 1.3)
      System.Reflection.Primitives (>= 4.0.1)
      System.Reflection.TypeExtensions (>= 4.1)
      System.Resources.ResourceManager (>= 4.0.1)
      System.Runtime (>= 4.1)
      System.Runtime.Extensions (>= 4.1)
      System.Runtime.Handles (>= 4.0.1)
      System.Runtime.InteropServices (>= 4.1)
      System.Runtime.InteropServices.RuntimeInformation (>= 4.0)
      System.Runtime.Loader (>= 4.0)
      System.Text.Encoding (>= 4.0.11)
      System.Text.Encoding.Extensions (>= 4.0.11)
      System.Text.RegularExpressions (>= 4.1)
      System.Threading (>= 4.0.11)
      System.Threading.Tasks (>= 4.0.11)
      System.Threading.Tasks.Dataflow (>= 4.6)
      System.Threading.Thread (>= 4.0)
      System.Threading.ThreadPool (>= 4.0.10)
      System.Xml.ReaderWriter (>= 4.0.11)
      System.Xml.XmlDocument (>= 4.0.1)
      System.Xml.XPath.XmlDocument (>= 4.0.1)
    Microsoft.Build.Framework (15.2.0-preview-000033-01)
      System.Collections (>= 4.0.11)
      System.Diagnostics.Debug (>= 4.0.11)
      System.Globalization (>= 4.0.11)
      System.Runtime (>= 4.1)
      System.Runtime.InteropServices (>= 4.1)
      System.Threading (>= 4.0.11)
      System.Threading.Thread (>= 4.0)
  remote: https://api.nuget.org/v3/index.json
    Microsoft.CodeAnalysis (1.3.2)
      Microsoft.CodeAnalysis.CSharp.Workspaces (1.3.2)
      Microsoft.CodeAnalysis.VisualBasic.Workspaces (1.3.2)
    Microsoft.CodeAnalysis.Common (1.3.2)
      Microsoft.CodeAnalysis.Analyzers (>= 1.1)
      System.AppContext (>= 4.1)
      System.Collections (>= 4.0.11)
      System.Collections.Concurrent (>= 4.0.12)
      System.Collections.Immutable (>= 1.1.37)
      System.Collections.Immutable (>= 1.2)
      System.Console (>= 4.0)
      System.Diagnostics.Debug (>= 4.0.11)
      System.Diagnostics.FileVersionInfo (>= 4.0)
      System.Diagnostics.StackTrace (>= 4.0.1)
      System.Diagnostics.Tools (>= 4.0.1)
      System.Dynamic.Runtime (>= 4.0.11)
      System.Globalization (>= 4.0.11)
      System.IO.FileSystem (>= 4.0.1)
      System.IO.FileSystem.Primitives (>= 4.0.1)
      System.Linq (>= 4.1)
      System.Linq.Expressions (>= 4.1)
      System.Reflection (>= 4.1)
      System.Reflection.Metadata (>= 1.2)
      System.Reflection.Metadata (>= 1.3)
      System.Reflection.Primitives (>= 4.0.1)
      System.Resources.ResourceManager (>= 4.0.1)
      System.Runtime (>= 4.1)
      System.Runtime.Extensions (>= 4.1)
      System.Runtime.Handles (>= 4.0.1)
      System.Runtime.InteropServices (>= 4.1)
      System.Runtime.Numerics (>= 4.0.1)
      System.Security.Cryptography.Algorithms (>= 4.2)
      System.Security.Cryptography.Encoding (>= 4.0)
      System.Security.Cryptography.X509Certificates (>= 4.1)
      System.Text.Encoding (>= 4.0.11)
      System.Text.Encoding.CodePages (>= 4.0.1)
      System.Text.Encoding.Extensions (>= 4.0.11)
      System.Threading (>= 4.0.11)
      System.Threading.Tasks (>= 4.0.11)
      System.Threading.Tasks.Parallel (>= 4.0.1)
      System.Threading.Thread (>= 4.0)
      System.Xml.ReaderWriter (>= 4.0.11)
      System.Xml.XDocument (>= 4.0.11)
      System.Xml.XmlDocument (>= 4.0.1)
      System.Xml.XPath.XDocument (>= 4.0.1)
    Microsoft.CodeAnalysis.CSharp (1.3.2)
      Microsoft.CodeAnalysis.Common (1.3.2)
    Microsoft.CodeAnalysis.CSharp.Workspaces (1.3.2)
      Microsoft.CodeAnalysis.CSharp (1.3.2)
      Microsoft.CodeAnalysis.Workspaces.Common (1.3.2)
    Microsoft.CodeAnalysis.VisualBasic (1.3.2)
      Microsoft.CodeAnalysis.Common (>= 1.3.2)
    Microsoft.CodeAnalysis.VisualBasic.Workspaces (1.3.2)
      Microsoft.CodeAnalysis.VisualBasic (1.3.2)
      Microsoft.CodeAnalysis.Workspaces.Common (1.3.2)
    Microsoft.CodeAnalysis.Workspaces.Common (1.3.2)
      Microsoft.CodeAnalysis.Common (1.3.2)
      Microsoft.Composition (>= 1.0.27)
    Microsoft.Composition (1.0.30)
    Microsoft.Tpl.Dataflow (4.5.24)
    Microsoft.VisualStudio.Composition (15.0.66-rc)
      Microsoft.Tpl.Dataflow (>= 4.5.24)
      Microsoft.VisualStudio.Validation (>= 15.0.42-pre)
      System.Collections.Immutable (>= 1.1.36)
    Microsoft.VisualStudio.ProjectSystem (15.0.688-pre)
      Microsoft.Composition (>= 1.0.27)
      Microsoft.Tpl.Dataflow (>= 4.5.24)
      Microsoft.VisualStudio.Composition (>= 15.0.16-pre)
      Microsoft.VisualStudio.SDK.VsixSuppression (>= 14.0.50703)
      Microsoft.VisualStudio.Threading (>= 15.0.20-pre)
      Microsoft.VisualStudio.Validation (>= 15.0.11-pre)
      System.Collections.Immutable (>= 1.2)
    Microsoft.VisualStudio.ProjectSystem.SDK (15.0.688-pre)
      Microsoft.VisualStudio.ProjectSystem (>= 15.0.688-pre)
      Microsoft.VisualStudio.ProjectSystem.SDK.Tools (>= 15.0.688-pre)
    Microsoft.VisualStudio.ProjectSystem.SDK.Tools (15.0.688-pre)
    Microsoft.VisualStudio.SDK.VsixSuppression (14.1.32)
    Microsoft.VisualStudio.Threading (15.0.240)
      Microsoft.VisualStudio.Validation (>= 15.0.82)
    Microsoft.VisualStudio.Validation (15.0.82)
    System.Diagnostics.FileVersionInfo (4.3)
    System.Runtime.Loader (4.3)
  remote: https://dotnet.myget.org/F/dotnet-core
    Microsoft.CodeAnalysis.Analyzers (1.1.0)
    Microsoft.Win32.Primitives (4.3.0)
    System.AppContext (4.3.0)
    System.Collections (4.3.0)
    System.Collections.Concurrent (4.3.0)
    System.Collections.Immutable (1.3.1)
    System.Collections.NonGeneric (4.3.0)
    System.ComponentModel (4.3.0)
    System.Console (4.3.0)
    System.Diagnostics.Contracts (4.3.0)
    System.Diagnostics.Debug (4.3.0)
    System.Diagnostics.Process (4.3.0)
    System.Diagnostics.StackTrace (4.3.0)
    System.Diagnostics.Tools (4.3.0)
    System.Diagnostics.TraceSource (4.3.0)
    System.Dynamic.Runtime (4.3.0)
    System.Globalization (4.3.0)
    System.IO (4.3.0)
    System.IO.Compression (4.3.0)
    System.IO.FileSystem (4.3.0)
      System.IO.FileSystem.Primitives (>= 4.3)
    System.IO.FileSystem.Primitives (4.3.0)
    System.IO.Pipes (4.3.0)
    System.Linq (4.3.0)
    System.Linq.Expressions (4.3.0)
    System.Linq.Parallel (4.3.0)
    System.ObjectModel (4.3.0)
    System.Reflection (4.3.0)
    System.Reflection.Extensions (4.3.0)
    System.Reflection.Metadata (1.4.2)
      System.Collections.Immutable (>= 1.3.1)
    System.Reflection.Primitives (4.3.0)
    System.Reflection.TypeExtensions (4.3.0)
    System.Resources.ResourceManager (4.3.0)
    System.Runtime (4.3.0)
    System.Runtime.Extensions (4.3.0)
    System.Runtime.Handles (4.3.0)
    System.Runtime.InteropServices (4.3.0)
    System.Runtime.InteropServices.RuntimeInformation (4.3.0)
    System.Runtime.Numerics (4.3.0)
    System.Security.Cryptography.Algorithms (4.3.0)
      System.Security.Cryptography.Primitives (>= 4.3)
    System.Security.Cryptography.Encoding (4.3.0)
    System.Security.Cryptography.Primitives (4.3.0)
    System.Security.Cryptography.X509Certificates (4.3.0)
      System.Security.Cryptography.Algorithms (>= 4.3)
      System.Security.Cryptography.Encoding (>= 4.3)
    System.Text.Encoding (4.3.0)
    System.Text.Encoding.CodePages (4.3.0)
    System.Text.Encoding.Extensions (4.3.0)
    System.Text.RegularExpressions (4.3.0)
    System.Threading (4.3.0)
    System.Threading.Tasks (4.3.0)
    System.Threading.Tasks.Dataflow (4.7.0)
    System.Threading.Tasks.Parallel (4.3.0)
    System.Threading.Thread (4.3.0)
    System.Threading.ThreadPool (4.3.0)
    System.Xml.ReaderWriter (4.3.0)
    System.Xml.XDocument (4.3.0)
    System.Xml.XmlDocument (4.3.0)
    System.Xml.XPath (4.3.0)
    System.Xml.XPath.XDocument (4.3.0)
      System.Xml.XPath (>= 4.3)
    System.Xml.XPath.XmlDocument (4.3.0)
      System.Xml.XmlDocument (>= 4.3)
      System.Xml.XPath (>= 4.3)
  remote: https://dotnet.myget.org/F/roslyn
    Microsoft.VisualStudio.ProjectSystem.Managed (2.0.1-rc-61420-01)
      Microsoft.VisualStudio.ProjectSystem.SDK (>= 15.0.661-pre-g3d0c752f96)
      System.Collections.Immutable (>= 1.1.36)

GROUP vs
FRAMEWORK: NET461
NUGET
  remote: https://api.nuget.org/v3/index.json
    Microsoft.Composition (1.0.30)
    Microsoft.VisualStudio.Composition (15.0.66-rc)
      Microsoft.Tpl.Dataflow (>= 4.5.24)
      Microsoft.VisualStudio.Validation (>= 15.0.42-pre)
      System.Collections.Immutable (>= 1.1.36)
    Microsoft.VisualStudio.CoreUtility (15.0.26201)
    Microsoft.VisualStudio.Imaging (15.0.26201)
      Microsoft.VisualStudio.Utilities (>= 15.0.26201)
    Microsoft.VisualStudio.Imaging.Interop.14.0.DesignTime (14.3.25407)
    Microsoft.VisualStudio.OLE.Interop (7.10.6070)
    Microsoft.VisualStudio.ProjectSystem (15.0.688-pre)
      Microsoft.Composition (>= 1.0.27)
      Microsoft.Tpl.Dataflow (>= 4.5.24)
      Microsoft.VisualStudio.Composition (>= 15.0.16-pre)
      Microsoft.VisualStudio.SDK.VsixSuppression (>= 14.0.50703)
      Microsoft.VisualStudio.Threading (>= 15.0.20-pre)
      Microsoft.VisualStudio.Validation (>= 15.0.11-pre)
      System.Collections.Immutable (>= 1.2)
    Microsoft.VisualStudio.ProjectSystem.SDK (15.0.688-pre)
      Microsoft.VisualStudio.ProjectSystem (>= 15.0.688-pre)
      Microsoft.VisualStudio.ProjectSystem.SDK.Tools (>= 15.0.688-pre)
    Microsoft.VisualStudio.ProjectSystem.SDK.Tools (15.0.688-pre)
    Microsoft.VisualStudio.SDK.VsixSuppression (14.1.32)
    Microsoft.VisualStudio.Shell.15.0 (15.0.26201)
      Microsoft.VisualStudio.Imaging (>= 15.0.26201)
      Microsoft.VisualStudio.OLE.Interop (>= 7.10.6070)
      Microsoft.VisualStudio.Shell.Framework (>= 15.0.26201)
      Microsoft.VisualStudio.Shell.Interop (>= 7.10.6071)
      Microsoft.VisualStudio.Shell.Interop.8.0 (>= 8.0.50727)
      Microsoft.VisualStudio.Shell.Interop.9.0 (>= 9.0.30729)
      Microsoft.VisualStudio.TextManager.Interop (>= 7.10.6070)
      Microsoft.VisualStudio.Threading (>= 15.0.240)
      Microsoft.VisualStudio.Utilities (>= 15.0.26201)
    Microsoft.VisualStudio.Shell.Framework (15.0.26201)
      Microsoft.VisualStudio.CoreUtility (>= 15.0.26201)
      Microsoft.VisualStudio.OLE.Interop (>= 7.10.6070)
      Microsoft.VisualStudio.Utilities (>= 15.0.26201)
    Microsoft.VisualStudio.Shell.Interop (7.10.6071)
      Microsoft.VisualStudio.OLE.Interop (>= 7.10.6070)
      Microsoft.VisualStudio.TextManager.Interop (>= 7.10.6070)
    Microsoft.VisualStudio.Shell.Interop.10.0 (10.0.30319)
      Microsoft.VisualStudio.OLE.Interop (>= 7.10.6070)
      Microsoft.VisualStudio.Shell.Interop (>= 7.10.6071)
    Microsoft.VisualStudio.Shell.Interop.11.0 (11.0.61030)
      Microsoft.VisualStudio.OLE.Interop (>= 7.10.6070)
      Microsoft.VisualStudio.Shell.Interop (>= 7.10.6071)
      Microsoft.VisualStudio.Shell.Interop.10.0 (>= 10.0.30319)
      Microsoft.VisualStudio.Shell.Interop.8.0 (>= 8.0.50727)
    Microsoft.VisualStudio.Shell.Interop.8.0 (8.0.50727)
      Microsoft.VisualStudio.OLE.Interop (>= 7.10.6070)
      Microsoft.VisualStudio.Shell.Interop (>= 7.10.6071)
      Microsoft.VisualStudio.TextManager.Interop (>= 7.10.6070)
      Microsoft.VisualStudio.TextManager.Interop.8.0 (>= 8.0.50727)
    Microsoft.VisualStudio.Shell.Interop.9.0 (9.0.30729)
      Microsoft.VisualStudio.OLE.Interop (>= 7.10.6070)
      Microsoft.VisualStudio.Shell.Interop (>= 7.10.6071)
      Microsoft.VisualStudio.Shell.Interop.8.0 (>= 8.0.50727)
      Microsoft.VisualStudio.TextManager.Interop (>= 7.10.6070)
    Microsoft.VisualStudio.TextManager.Interop (7.10.6070)
      Microsoft.VisualStudio.OLE.Interop (>= 7.10.6070)
    Microsoft.VisualStudio.TextManager.Interop.10.0 (10.0.30319)
      Microsoft.VisualStudio.TextManager.Interop (>= 7.10.6070)
      Microsoft.VisualStudio.TextManager.Interop.8.0 (>= 8.0.50727)
    Microsoft.VisualStudio.TextManager.Interop.11.0 (11.0.61030)
      Microsoft.VisualStudio.OLE.Interop (>= 7.10.6070)
      Microsoft.VisualStudio.TextManager.Interop (>= 7.10.6070)
      Microsoft.VisualStudio.TextManager.Interop.8.0 (>= 8.0.50727)
    Microsoft.VisualStudio.TextManager.Interop.12.0 (12.0.30110)
      Microsoft.VisualStudio.TextManager.Interop (>= 7.10.6070)
      Microsoft.VisualStudio.TextManager.Interop.11.0 (>= 11.0.61030)
      Microsoft.VisualStudio.TextManager.Interop.8.0 (>= 8.0.50727)
    Microsoft.VisualStudio.TextManager.Interop.8.0 (8.0.50727)
      Microsoft.VisualStudio.OLE.Interop (>= 7.10.6070)
      Microsoft.VisualStudio.Shell.Interop (>= 7.10.6071)
      Microsoft.VisualStudio.TextManager.Interop (>= 7.10.6070)
    Microsoft.VisualStudio.Threading (15.0.240)
      Microsoft.VisualStudio.Validation (>= 15.0.82)
    Microsoft.VisualStudio.Utilities (15.0.26201)
    Microsoft.VisualStudio.Validation (15.0.82)
    Microsoft.VSSDK.BuildTools (15.0.26201)
    System.Collections.Immutable (1.3.1)
  remote: https://dotnet.myget.org/F/dotnet-buildtools
    Microsoft.Tpl.Dataflow (4.5.24)
  remote: https://dotnet.myget.org/F/roslyn
    Microsoft.VisualStudio.ProjectSystem.Managed (2.0.1-rc-61420-01)
      Microsoft.VisualStudio.ProjectSystem.SDK (>= 15.0.661-pre-g3d0c752f96)
      System.Collections.Immutable (>= 1.1.36)
    Microsoft.VisualStudio.ProjectSystem.Managed.VS (2.0.1-rc-61420-01)
      Microsoft.VisualStudio.Imaging.Interop.14.0.DesignTime (>= 14.1.24720)
      Microsoft.VisualStudio.ProjectSystem.Managed (>= 2.0.1-rc-61420-01)
      Microsoft.VisualStudio.ProjectSystem.SDK (>= 15.0.661-pre-g3d0c752f96)
      Microsoft.VisualStudio.Shell.Interop.10.0 (>= 10.0.30319)
      Microsoft.VisualStudio.Shell.Interop.11.0 (>= 11.0.61030)
      Microsoft.VisualStudio.TextManager.Interop.10.0 (>= 10.0.30319)
      Microsoft.VisualStudio.TextManager.Interop.12.0 (>= 12.0.30110)
      System.Collections.Immutable (>= 1.1.36)
